GEM
  remote: https://rubygems.org/
  specs:
    concurrent-ruby (1.1.5)
    i18n (1.7.0)
      concurrent-ruby (~> 1.0)
    minitest (5.12.2)
    money (6.13.4)
      i18n (>= 0.6.4, <= 2)
    ocra (1.3.10)

PLATFORMS
  java
  ruby

DEPENDENCIES
  minitest
  money
  ocra

RUBY VERSION
   ruby 2.7.1p83

BUNDLED WITH
   2.1.4
