GEM
  remote: https://rubygems.org/
  specs:
    i18n (0.8.1)
    money (6.8.3)
      i18n (>= 0.6.4, < 0.9)
      sixarm_ruby_unaccent (>= 1.1.1, < 2)
    ocra (1.3.8)
    sixarm_ruby_unaccent (1.1.1)

PLATFORMS
  java
  ruby

DEPENDENCIES
  money
  ocra

RUBY VERSION
   ruby 2.3.3p222

BUNDLED WITH
   1.14.6
