GEM
  remote: https://rubygems.org/
  specs:
    i18n (0.8.4)
    minitest (5.10.2)
    money (6.9.0)
      i18n (>= 0.6.4, < 0.9)
    ocra (1.3.8)

PLATFORMS
  java
  ruby

DEPENDENCIES
  minitest
  money
  ocra

RUBY VERSION
   ruby 2.4.1p111

BUNDLED WITH
   1.15.1
