GEM
  remote: https://rubygems.org/
  specs:
    concurrent-ruby (1.1.6)
    i18n (1.8.2)
      concurrent-ruby (~> 1.0)
    minitest (5.14.0)
    money (6.13.7)
      i18n (>= 0.6.4, <= 2)
    ocra (1.3.11)

PLATFORMS
  java
  ruby

DEPENDENCIES
  minitest
  money
  ocra

RUBY VERSION
   ruby 2.7.1p83

BUNDLED WITH
   2.1.4
