GEM
  remote: https://rubygems.org/
  specs:
    i18n (0.7.0)
    money (6.7.1)
      i18n (>= 0.6.4, <= 0.7.0)
      sixarm_ruby_unaccent (>= 1.1.1, < 2)
    sixarm_ruby_unaccent (1.1.1)
    tk (0.1.2)

PLATFORMS
  ruby

DEPENDENCIES
  money
  tk

RUBY VERSION
   ruby 2.4.1p111

BUNDLED WITH
   1.14.6
